GEM
  remote: http://rubygems.org/
  specs:
    active_support (3.0.0)
      activesupport (= 3.0.0)
    activesupport (3.0.0)
    elo (0.1.0)

PLATFORMS
  ruby

DEPENDENCIES
  active_support
  elo
